GEM
  remote: http://rubygems.org/
  specs:
    activerecord-jdbc-adapter (1.2.0)
    activerecord-jdbcmysql-adapter (1.2.0)
      activerecord-jdbc-adapter (~> 1.2.0)
      jdbc-mysql (~> 5.1.0)
    bson (1.3.1-java)
    gene_pool (1.1.1)
    haml (3.1.3)
    jdbc-mysql (5.1.13)
    jruby-jms (0.11.2)
    json (1.6.1-java)
    rack (1.3.5)
    rack-protection (1.1.4)
      rack
    rake (0.9.2.2)
    rdoc (3.11)
      json (~> 1.4)
    rumx (0.0.4)
      haml
      rack
      sinatra
    shoulda (2.11.3)
    sinatra (1.3.1)
      rack (~> 1.3, >= 1.3.4)
      rack-protection (~> 1.1, >= 1.1.2)
      tilt (~> 1.3, >= 1.3.3)
    tilt (1.3.3)

PLATFORMS
  java

DEPENDENCIES
  activerecord-jdbcmysql-adapter
  bson
  gene_pool
  jdbc-mysql
  jruby-jms (>= 0.11.2)
  json
  rack
  rake
  rdoc
  rumx
  shoulda
