GEM
  remote: http://rubygems.org/
  specs:
    activerecord-jdbc-adapter (1.1.3)
    activerecord-jdbcmysql-adapter (1.1.3)
      activerecord-jdbc-adapter (= 1.1.3)
      jdbc-mysql (~> 5.1.0)
    jdbc-mysql (5.1.13)
    jmx (0.7)
    jruby-jms (0.11.2)

PLATFORMS
  java

DEPENDENCIES
  activerecord-jdbcmysql-adapter
  jdbc-mysql
  jmx (>= 0.6)
  jruby-jms (>= 0.11.2)
