GEM
  remote: http://rubygems.org/
  specs:
    activerecord-jdbc-adapter (1.1.3)
    activerecord-jdbcmysql-adapter (1.1.3)
      activerecord-jdbc-adapter (= 1.1.3)
      jdbc-mysql (~> 5.1.0)
    jdbc-mysql (5.1.13)
    jruby-jms (0.11.2)
    rake (0.9.2.2)
    rdoc (3.9.1)
    rumx (0.0.1)

PLATFORMS
  java

DEPENDENCIES
  activerecord-jdbcmysql-adapter
  jdbc-mysql
  jruby-jms (>= 0.11.2)
  rake
  rdoc
  rumx
